PATH
  remote: .
  specs:
    simple_text_reformatter (1.0.2)
      money

GEM
  remote: https://rubygems.org/
  specs:
    coderay (1.1.3)
    concurrent-ruby (1.1.8)
    i18n (1.8.8)
      concurrent-ruby (~> 1.0)
    method_source (1.0.0)
    money (6.14.0)
      i18n (>= 0.6.4, <= 2)
    pry (0.13.1)
      coderay (~> 1.1)
      method_source (~> 1.0)
    rake (10.5.0)
    rb-readline (0.5.5)

PLATFORMS
  ruby

DEPENDENCIES
  bundler (~> 1.17)
  pry
  rake (~> 10.0)
  rb-readline
  simple_text_reformatter!

BUNDLED WITH
   1.17.2
