PATH
  remote: .
  specs:
    simple_text_reformatter (1.0.0)

GEM
  remote: https://rubygems.org/
  specs:
    coderay (1.1.3)
    method_source (1.0.0)
    pry (0.13.1)
      coderay (~> 1.1)
      method_source (~> 1.0)
    rake (10.5.0)
    rb-readline (0.5.5)

PLATFORMS
  ruby

DEPENDENCIES
  bundler (~> 1.17)
  pry
  rake (~> 10.0)
  rb-readline
  simple_text_reformatter!

BUNDLED WITH
   1.17.2
